GEM
  remote: https://rubygems.org/
  specs:
    pg (1.5.6)
    rack (3.0.9.1)
    rackup (2.1.0)
      rack (>= 3)
      webrick (~> 1.8)
    webrick (1.8.1)

PLATFORMS
  ruby
  x86_64-linux

DEPENDENCIES
  pg
  rackup

BUNDLED WITH
   2.5.4
